GEM
  remote: https://rubygems.org/
  specs:
    json (1.8.6)
    log4r (1.1.10)
    mime-types (1.25.1)
    mimemagic (0.2.1)
    mini_portile2 (2.3.0)
    nokogiri (1.8.2)
      mini_portile2 (~> 2.3.0)
    polyglot (0.3.5)
    slaw (1.0.3)
      log4r (~> 1.1.10)
      mimemagic (~> 0.2.1)
      nokogiri (~> 1.8.2)
      thor (~> 0.19.1)
      treetop (~> 1.5)
      twitter-text (~> 1.12.0)
      yomu (~> 0.2.2)
    thor (0.19.4)
    treetop (1.6.10)
      polyglot (~> 0.3)
    twitter-text (1.12.0)
      unf (~> 0.1.0)
    unf (0.1.4)
      unf_ext
    unf_ext (0.0.7.5)
    yomu (0.2.4)
      json (~> 1.8)
      mime-types (~> 1.23)

PLATFORMS
  ruby

DEPENDENCIES
  slaw (~> 1.0.3)

RUBY VERSION
   ruby 2.3.3p222

BUNDLED WITH
   1.15.3
